GIT
  remote: git://github.com/chriseppstein/compass.git
  revision: 7970ebd6e634d5b486148ed21aef2f8b43f9ffae
  branch: master
  specs:
    compass (0.13.alpha.2.7970ebd)
      chunky_png (~> 1.2)
      listen (<= 0.9.9)
      sass (~> 3.2.5)

GIT
  remote: git://github.com/zurb/foundation.git
  revision: f65311450ca07f018272f34376481333a366b38d
  branch: master
  specs:
    zurb-foundation (4.0.2)
      rake
      sass (>= 3.2.0)

GEM
  remote: https://rubygems.org/
  specs:
    chunky_png (1.2.7)
    compass-normalize (1.4.2)
      compass (>= 0.12.0)
    listen (0.7.3)
    rake (10.0.3)
    sass (3.2.6)

PLATFORMS
  ruby

DEPENDENCIES
  compass!
  compass-normalize
  sass
  zurb-foundation!
