GIT
  remote: git://github.com/chriseppstein/compass.git
  revision: a6df610446e6d28e343a224c99ea607f308fab6e
  branch: stable
  specs:
    compass (0.12.2.a6df610)
      chunky_png (~> 1.2)
      fssm (>= 0.2.7)
      sass (~> 3.1)

GIT
  remote: git://github.com/zurb/foundation.git
  revision: 4edf8051cfc4e33fddb213a3ae5089127952a321
  branch: 4.0-wip
  specs:
    zurb-foundation (4.0.0.alpha)
      rake
      sass (>= 3.2.0)

GEM
  remote: https://rubygems.org/
  specs:
    chunky_png (1.2.7)
    compass-normalize (1.4.2)
      compass (>= 0.12.0)
    fssm (0.2.10)
    rake (10.0.3)
    sass (3.2.5)

PLATFORMS
  ruby

DEPENDENCIES
  compass!
  compass-normalize
  sass
  zurb-foundation!
