GIT
  remote: git://github.com/chriseppstein/compass.git
  revision: 128889e361c88da1db026e106752b918ec5b1f2b
  branch: master
  specs:
    compass (0.13.alpha.2.128889e)
      chunky_png (~> 1.2)
      listen (<= 0.9.9)
      sass (~> 3.2.5)

GIT
  remote: git://github.com/zurb/foundation.git
  revision: 333815c00b9f42bc2b9f0ebeb649b211f6940470
  branch: master
  specs:
    zurb-foundation (4.0.3)
      rake
      sass (>= 3.2.0)

GEM
  remote: https://rubygems.org/
  specs:
    chunky_png (1.2.7)
    compass-normalize (1.4.2)
      compass (>= 0.12.0)
    listen (0.7.3)
    rake (10.0.3)
    sass (3.2.6)

PLATFORMS
  ruby

DEPENDENCIES
  compass!
  compass-normalize
  sass
  zurb-foundation!
