GIT
  remote: git://github.com/chriseppstein/compass.git
  revision: 99b59b660885a57c68d1155d658055918011fc94
  branch: master
  specs:
    compass (0.13.alpha.2.99b59b6)
      chunky_png (~> 1.2)
      listen (<= 0.9.9)
      sass (~> 3.2.5)

GIT
  remote: git://github.com/zurb/foundation.git
  revision: 3b3ed5b03607ad944d0ceeb939b91a4fdcb1ec84
  branch: 4.0-wip
  specs:
    zurb-foundation (4.0.0.alpha)
      rake
      sass (>= 3.2.0)

GEM
  remote: https://rubygems.org/
  specs:
    chunky_png (1.2.7)
    compass-normalize (1.4.2)
      compass (>= 0.12.0)
    listen (0.7.3)
    rake (10.0.3)
    sass (3.2.6)

PLATFORMS
  ruby

DEPENDENCIES
  compass!
  compass-normalize
  sass
  zurb-foundation!
