GIT
  remote: git://github.com/chriseppstein/compass.git
  revision: a6df610446e6d28e343a224c99ea607f308fab6e
  branch: stable
  specs:
    compass (0.12.2.a6df610)
      chunky_png (~> 1.2)
      fssm (>= 0.2.7)
      sass (~> 3.1)

GIT
  remote: git://github.com/zurb/foundation.git
  revision: aef4800f193cfb7823426a2099fb89c85c8ca4d7
  branch: 4.0-wip
  specs:
    zurb-foundation (4.0.0.alpha)
      rake
      sass (>= 3.2.0)

GEM
  remote: https://rubygems.org/
  specs:
    chunky_png (1.2.7)
    coderay (1.0.9)
    compass-normalize (1.4.2)
      compass (>= 0.12.0)
    em-websocket (0.4.0)
      eventmachine (>= 0.12.9)
      http_parser.rb (~> 0.5.3)
    eventmachine (1.0.0)
    ffi (1.4.0)
    fssm (0.2.10)
    guard (1.6.2)
      listen (>= 0.6.0)
      lumberjack (>= 1.0.2)
      pry (>= 0.9.10)
      terminal-table (>= 1.4.3)
      thor (>= 0.14.6)
    guard-bundler (1.0.0)
      bundler (~> 1.0)
      guard (~> 1.1)
    guard-compass (0.0.6)
      compass (>= 0.10.5)
      guard (>= 0.2.1)
    guard-livereload (1.1.3)
      em-websocket (>= 0.2.0)
      guard (>= 1.5.0)
      multi_json (~> 1.0)
    http_parser.rb (0.5.3)
    listen (0.7.2)
    lumberjack (1.0.2)
    method_source (0.8.1)
    multi_json (1.6.1)
    pry (0.9.12)
      coderay (~> 1.0.5)
      method_source (~> 0.8)
      slop (~> 3.4)
    rake (10.0.3)
    rb-fsevent (0.9.3)
    rb-inotify (0.9.0)
      ffi (>= 0.5.0)
    sass (3.2.5)
    slop (3.4.3)
    terminal-table (1.4.5)
    thor (0.17.0)

PLATFORMS
  ruby

DEPENDENCIES
  compass!
  compass-normalize
  guard
  guard-bundler
  guard-compass
  guard-livereload
  rb-fsevent
  rb-inotify
  zurb-foundation!
