GIT
  remote: git://github.com/chriseppstein/compass.git
  revision: 5eab7fceb1b0c26fddb4b11e98a9a870ab26affa
  branch: master
  specs:
    compass (0.13.alpha.2.5eab7fc)
      chunky_png (~> 1.2)
      listen (<= 0.9.9)
      sass (~> 3.2.5)

GIT
  remote: git://github.com/zurb/foundation.git
  revision: a86fd3c84b99d6d4a0bce4be5891af6c3569f406
  branch: master
  specs:
    zurb-foundation (4.0.9)
      sass (>= 3.2.0)

GEM
  remote: https://rubygems.org/
  specs:
    chunky_png (1.2.7)
    compass-normalize (1.4.2)
      compass (>= 0.12.0)
    listen (0.7.3)
    sass (3.2.7)

PLATFORMS
  ruby

DEPENDENCIES
  compass!
  compass-normalize (= 1.4.2)
  sass
  zurb-foundation!
