GIT
  remote: git://github.com/chriseppstein/compass.git
  revision: b868089aaf97a9a9b9db52946f86330bde003a80
  branch: master
  specs:
    compass (0.13.alpha.2.b868089)
      chunky_png (~> 1.2)
      listen (<= 0.9.9)
      sass (~> 3.2.5)

GIT
  remote: git://github.com/zurb/foundation.git
  revision: 09d1de0101399b6ea3658b5e5694b72e041fc971
  branch: master
  specs:
    zurb-foundation (4.0.4)
      sass (>= 3.2.0)

GEM
  remote: https://rubygems.org/
  specs:
    chunky_png (1.2.7)
    compass-normalize (1.4.2)
      compass (>= 0.12.0)
    listen (0.7.3)
    sass (3.2.6)

PLATFORMS
  ruby

DEPENDENCIES
  compass!
  compass-normalize
  sass
  zurb-foundation!
